GEM
  remote: http://rubygems.org/
  specs:
    kss (0.1.2)
      sass (>= 3.1)
    rack (1.3.5)
    rack-protection (1.1.4)
      rack
    sass (3.1.11)
    sinatra (1.3.1)
      rack (~> 1.3, >= 1.3.4)
      rack-protection (~> 1.1, >= 1.1.2)
      tilt (~> 1.3, >= 1.3.3)
    tilt (1.3.3)

PLATFORMS
  ruby

DEPENDENCIES
  kss (~> 0.1.1)
  sinatra (~> 1.3.1)
